GEM
  remote: https://rubygems.org/
  specs:
    cinch (2.1.0)
    coderay (1.1.0)
    method_source (0.8.2)
    mkfifo (0.0.1)
    pry (0.10.1)
      coderay (~> 1.1.0)
      method_source (~> 0.8.1)
      slop (~> 3.4)
    slop (3.6.0)

PLATFORMS
  ruby

DEPENDENCIES
  cinch
  mkfifo
  pry
